PATH
  remote: .
  specs:
    queue_classic (4.0.0.pre.alpha1)
      pg (>= 0.17, < 2.0)

GEM
  remote: https://rubygems.org/
  specs:
    activemodel (6.0.3.3)
      activesupport (= 6.0.3.3)
    activerecord (6.0.3.3)
      activemodel (= 6.0.3.3)
      activesupport (= 6.0.3.3)
    activesupport (6.0.3.3)
      concurrent-ruby (~> 1.0, >= 1.0.2)
      i18n (>= 0.7, < 2)
      minitest (~> 5.1)
      tzinfo (~> 1.1)
      zeitwerk (~> 2.2, >= 2.2.2)
    ansi (1.5.0)
    builder (3.2.4)
    concurrent-ruby (1.1.7)
    i18n (1.8.5)
      concurrent-ruby (~> 1.0)
    minitest (5.14.2)
    minitest-reporters (1.4.2)
      ansi
      builder
      minitest (>= 5.0)
      ruby-progressbar
    pg (1.2.3-x64-mingw32)
    rake (13.0.1)
    ruby-progressbar (1.10.1)
    thread_safe (0.3.6)
    tzinfo (1.2.7)
      thread_safe (~> 0.1)
    zeitwerk (2.4.0)

PLATFORMS
  x64-mingw32

DEPENDENCIES
  activerecord (>= 5.0.0, < 6.1)!
  minitest (~> 5.8)!
  minitest-reporters!
  queue_classic!
  rake!

BUNDLED WITH
   1.17.2
